PATH
  remote: .
  specs:
    codinbot (0.0.1)
      cinch
      cinch-fortune

GEM
  remote: http://rubygems.org/
  specs:
    cinch (2.0.5)
    cinch-fortune (0.0.1)
      cinch
      fortune_gem
    fortune_gem (0.0.6)

PLATFORMS
  ruby

DEPENDENCIES
  codinbot!
